GEM
  remote: http://rubygems.org/
  specs:
    BlueCloth (1.0.1)
    RedCloth (4.2.7)
    SystemTimer (1.2.2)
    abstract (1.0.0)
    actionmailer (3.0.5)
      actionpack (= 3.0.5)
      mail (~> 2.2.15)
    actionpack (3.0.5)
      activemodel (= 3.0.5)
      activesupport (= 3.0.5)
      builder (~> 2.1.2)
      erubis (~> 2.6.6)
      i18n (~> 0.4)
      rack (~> 1.2.1)
      rack-mount (~> 0.6.13)
      rack-test (~> 0.5.7)
      tzinfo (~> 0.3.23)
    activemodel (3.0.5)
      activesupport (= 3.0.5)
      builder (~> 2.1.2)
      i18n (~> 0.4)
    activerecord (3.0.5)
      activemodel (= 3.0.5)
      activesupport (= 3.0.5)
      arel (~> 2.0.2)
      tzinfo (~> 0.3.23)
    activeresource (3.0.5)
      activemodel (= 3.0.5)
      activesupport (= 3.0.5)
    activesupport (3.0.5)
    arel (2.0.9)
    builder (2.1.2)
    crack (0.1.8)
    daemons (1.1.0)
    database_cleaner (0.4.3)
    erubis (2.6.6)
      abstract (>= 1.0.0)
    factory_girl (1.3.3)
    gruff (0.3.6)
    hpricot (0.8.4)
    httparty (0.7.4)
      crack (= 0.1.8)
    httpclient (2.1.6.1)
    i18n (0.5.0)
    json (1.5.1)
    libxml-ruby (1.1.4)
    mail (2.2.15)
      activesupport (>= 2.3.6)
      i18n (>= 0.4.0)
      mime-types (~> 1.16)
      treetop (~> 1.4.8)
    maruku (0.6.0)
      syntax (>= 1.0.0)
    memcache-client (1.8.5)
    mime-types (1.16)
    mysql (2.8.1)
    net-ssh (2.1.3)
    nokogiri (1.3.1)
    polyglot (0.3.1)
    rack (1.2.2)
    rack-mount (0.6.13)
      rack (>= 1.0.0)
    rack-test (0.5.7)
      rack (>= 1.0)
    radius (0.6.1)
    rails (3.0.5)
      actionmailer (= 3.0.5)
      actionpack (= 3.0.5)
      activerecord (= 3.0.5)
      activeresource (= 3.0.5)
      activesupport (= 3.0.5)
      bundler (~> 1.0)
      railties (= 3.0.5)
    railties (3.0.5)
      actionpack (= 3.0.5)
      activesupport (= 3.0.5)
      rake (>= 0.8.7)
      thor (~> 0.14.4)
    rake (0.8.7)
    resthome (0.8.0)
      httparty
    rmagick (2.13.1)
    selenium-client (1.2.18)
    slave (1.2.1)
    soap4r (1.5.8)
      httpclient (>= 2.1.1)
    syntax (1.0.0)
    thor (0.14.6)
    treetop (1.4.9)
      polyglot (>= 0.3.1)
    tzinfo (0.3.25)
    webrat (0.6.0)
      nokogiri (>= 1.2.0)
      rack (>= 1.0)

PLATFORMS
  ruby

DEPENDENCIES
  BlueCloth
  RedCloth
  SystemTimer
  daemons
  database_cleaner (= 0.4.3)
  factory_girl
  gruff
  hpricot
  json
  libxml-ruby
  maruku
  memcache-client
  mime-types
  mysql
  net-ssh
  nokogiri (= 1.3.1)
  radius
  rails (= 3.0.5)
  resthome
  rmagick
  selenium-client (= 1.2.18)
  slave
  soap4r
  webrat (= 0.6.0)
